GEM
  remote: https://rubygems.org/
  specs:
    daemons (1.3.1)
    eventmachine (1.2.7)
    hiredis (0.6.3)
    mustermann (1.0.3)
    rack (2.2.6.4)
    rack-protection (2.0.7)
      rack
    redis (4.1.3)
    sinatra (2.0.7)
      mustermann (~> 1.0)
      rack (~> 2.0)
      rack-protection (= 2.0.7)
      tilt (~> 2.0)
    thin (1.7.2)
      daemons (~> 1.0, >= 1.0.9)
      eventmachine (~> 1.0, >= 1.0.4)
      rack (>= 1, < 3)
    tilt (2.0.10)

PLATFORMS
  ruby

DEPENDENCIES
  hiredis
  rack (>= 2.1.4)
  redis
  sinatra
  thin

BUNDLED WITH
   1.17.2
